GEM
  remote: https://rubygems.org/
  specs:
    addressable (2.8.6)
      public_suffix (>= 2.0.2, < 6.0)
    ast (2.4.2)
    base64 (0.3.0)
    capybara (3.40.0)
      addressable
      matrix
      mini_mime (>= 0.1.3)
      nokogiri (~> 1.11)
      rack (>= 1.6.0)
      rack-test (>= 0.6.3)
      regexp_parser (>= 1.5, < 3.0)
      xpath (~> 3.2)
    concurrent-ruby (1.3.5)
    cuprite (0.17)
      capybara (~> 3.0)
      ferrum (~> 0.17.0)
    ferrum (0.17.1)
      addressable (~> 2.5)
      base64 (~> 0.2)
      concurrent-ruby (~> 1.1)
      webrick (~> 1.7)
      websocket-driver (~> 0.7)
    json (2.7.2)
    language_server-protocol (3.17.0.5)
    matrix (0.4.2)
    mini_mime (1.1.5)
    mini_portile2 (2.8.9)
    minitest (5.25.5)
    mustermann (3.0.0)
      ruby2_keywords (~> 0.0.1)
    nio4r (2.7.0)
    nokogiri (1.16.6)
      mini_portile2 (~> 2.8.2)
      racc (~> 1.4)
    nokogiri (1.16.6-arm64-darwin)
      racc (~> 1.4)
    parallel (1.25.1)
    parser (3.3.3.0)
      ast (~> 2.4.1)
      racc
    public_suffix (5.0.4)
    puma (6.4.2)
      nio4r (~> 2.0)
    racc (1.8.0)
    rack (2.2.8.1)
    rack-protection (3.2.0)
      base64 (>= 0.1.0)
      rack (~> 2.2, >= 2.2.4)
    rack-test (2.1.0)
      rack (>= 1.3)
    rainbow (3.1.1)
    rake (13.2.1)
    regexp_parser (2.9.2)
    rexml (3.3.0)
      strscan
    rubocop (1.64.1)
      json (~> 2.3)
      language_server-protocol (>= 3.17.0)
      parallel (~> 1.10)
      parser (>= 3.3.0.2)
      rainbow (>= 2.2.2, < 4.0)
      regexp_parser (>= 1.8, < 3.0)
      rexml (>= 3.2.5, < 4.0)
      rubocop-ast (>= 1.31.1, < 2.0)
      ruby-progressbar (~> 1.7)
      unicode-display_width (>= 2.4.0, < 3.0)
    rubocop-ast (1.31.3)
      parser (>= 3.3.1.0)
    ruby-progressbar (1.13.0)
    ruby2_keywords (0.0.5)
    rufo (0.18.1)
    sinatra (3.2.0)
      mustermann (~> 3.0)
      rack (~> 2.2, >= 2.2.4)
      rack-protection (= 3.2.0)
      tilt (~> 2.0)
    strscan (3.1.0)
    tilt (2.3.0)
    unicode-display_width (2.5.0)
    webrick (1.9.1)
    websocket-driver (0.8.0)
      base64
      websocket-extensions (>= 0.1.0)
    websocket-extensions (0.1.5)
    xpath (3.2.0)
      nokogiri (~> 1.8)

PLATFORMS
  arm64-darwin-22
  ruby

DEPENDENCIES
  capybara
  cuprite
  minitest
  puma
  rack
  rake
  rubocop
  rufo
  sinatra

BUNDLED WITH
   2.5.3
